GEM
  remote: http://rubygems.org/
  specs:
    ArgsParser (1.0.0)
    activemodel (3.2.6)
      activesupport (= 3.2.6)
      builder (~> 3.0.0)
    activesupport (3.2.6)
      i18n (~> 0.6)
      multi_json (~> 1.0)
    backports (2.6.2)
    bson (1.6.4)
    bson_ext (1.6.4)
      bson (~> 1.6.4)
    builder (3.0.0)
    daemons (1.1.8)
    eventmachine (0.12.10)
    eventmachine_httpserver (0.2.1)
    haml (3.1.6)
    i18n (0.6.0)
    json (1.7.3)
    kuro-rs (0.0.7)
      ArgsParser
      eventmachine
      eventmachine_httpserver
      serialport (>= 1.0.4)
    mongo (1.6.2)
      bson (~> 1.6.2)
    mongoid (2.4.12)
      activemodel (~> 3.1)
      mongo (<= 1.6.2)
      tzinfo (~> 0.3.22)
    multi_json (1.3.6)
    rack (1.4.1)
    rack-protection (1.2.0)
      rack
    rack-test (0.6.1)
      rack (>= 1.0)
    serialport (1.1.0)
    sinatra (1.3.2)
      rack (~> 1.3, >= 1.3.6)
      rack-protection (~> 1.2)
      tilt (~> 1.3, >= 1.3.3)
    sinatra-contrib (1.3.1)
      backports (>= 2.0)
      eventmachine
      rack-protection
      rack-test
      sinatra (~> 1.3.0)
      tilt (~> 1.3)
    sinatra-reloader (1.0)
      sinatra-contrib
    thin (1.4.1)
      daemons (>= 1.0.9)
      eventmachine (>= 0.12.6)
      rack (>= 1.0.0)
    tilt (1.3.3)
    tzinfo (0.3.33)

PLATFORMS
  ruby

DEPENDENCIES
  bson
  bson_ext
  haml
  json
  kuro-rs
  mongoid (>= 2.4.0, < 3.0.0)
  rack
  sinatra
  sinatra-reloader
  thin
